GEM
  remote: https://rubygems.org/
  specs:
    word_wrap (1.0.0)

PLATFORMS
  ruby

DEPENDENCIES
  word_wrap

BUNDLED WITH
   2.0.1
